GIT
  remote: git@github.com:enspiral/omniavatar.git
  revision: f8d93968a3f9f392ba710af1fa11b5a02cd80dcb
  specs:
    omniavatar (0.1)

PATH
  remote: .
  specs:
    omniavatar-meetup (0.1)
      omniavatar

GEM
  remote: http://rubygems.org/
  specs:
    diff-lcs (1.2.4)
    rspec (2.14.1)
      rspec-core (~> 2.14.0)
      rspec-expectations (~> 2.14.0)
      rspec-mocks (~> 2.14.0)
    rspec-core (2.14.5)
    rspec-expectations (2.14.3)
      diff-lcs (>= 1.1.3, < 2.0)
    rspec-mocks (2.14.3)

PLATFORMS
  ruby

DEPENDENCIES
  omniavatar!
  omniavatar-meetup!
  rspec (~> 2.14)
